{
	"Modality": "MR",
	"MagneticFieldStrength": 3,
	"Manufacturer": "Philips",
	"ManufacturersModelName": "Ingenia",
	"InstitutionName": "Tierspital_Zuerich",
	"InstitutionalDepartmentName": "Radiologie",
	"DeviceSerialNumber": "42085",
	"StationName": "MRPHILIPS",
	"BodyPartExamined": "BRAIN",
	"PatientPosition": "HFS",
	"ProcedureStepDescription": "MRT_Hirn",
	"SoftwareVersions": "5.4.1_5.4.1.1",
	"MRAcquisitionType": "2D",
	"SeriesDescription": "FE_EPI_32chSHC",
	"ProtocolName": "FE_EPI_32chSHC",
	"ScanningSequence": "GR",
	"SequenceVariant": "SK",
	"ScanOptions": "FS",
	"ImageType": ["ORIGINAL", "PRIMARY", "M", "FFE", "M", "FFE"],
	"SeriesNumber": 901,
	"AcquisitionTime": "14:46:5.330000",
	"AcquisitionNumber": 9,
	"PhilipsRWVSlope": 0.825153,
	"PhilipsRWVIntercept": 0,
	"PhilipsRescaleSlope": 0.825153,
	"PhilipsRescaleIntercept": 0,
	"PhilipsScaleSlope": 0.081849,
	"UsePhilipsFloatNotDisplayScaling": 1,
	"SliceThickness": 3,
	"SpacingBetweenSlices": 3,
	"SAR": 1.02148,
	"EchoTime": 0.03,
	"RepetitionTime": 2,
	"FlipAngle": 90,
	"PercentPhaseFOV": 105.263,
	"EchoTrainLength": 19,
	"PhaseEncodingSteps": 80,
	"AcquisitionMatrixPE": 80,
	"ReconMatrixPE": 160,
	"PixelBandwidth": 2565,
	"PhaseEncodingAxis": "j",
	"ImageOrientationPatientDICOM": [
		0.995505,
		0.0941803,
		0.0100364,
		-0.0946795,
		0.986699,
		0.132137	],
	"InPlanePhaseEncodingDirectionDICOM": "COL",
	"ConversionSoftware": "dcm2niix",
	"ConversionSoftwareVersion": "v1.0.20180622 Clang9.1.0",
	"TaskName": "resting"
}
